GIT
  remote: git@gitlab.cws.oregonstate.edu:gems/cws_logger.git
  revision: 188c3ac48d043583999c5761aff1c2b4d59da9d6
  specs:
    cws_logger (0.0.1)
      gelf
      json

GIT
  remote: https://github.com/oregonstateuniv/rubycas-client-rails.git
  revision: b97de6edc7871bc43ca1c9572f4d9188a210b341
  specs:
    rubycas-client-rails (0.1.1)
      rails (>= 3.0.0)
      rubycas-client (~> 2.3.9.rc1)

GEM
  remote: https://rubygems.org/
  specs:
    actionmailer (3.2.12)
      actionpack (= 3.2.12)
      mail (~> 2.4.4)
    actionpack (3.2.12)
      activemodel (= 3.2.12)
      activesupport (= 3.2.12)
      builder (~> 3.0.0)
      erubis (~> 2.7.0)
      journey (~> 1.0.4)
      rack (~> 1.4.5)
      rack-cache (~> 1.2)
      rack-test (~> 0.6.1)
      sprockets (~> 2.2.1)
    activemodel (3.2.12)
      activesupport (= 3.2.12)
      builder (~> 3.0.0)
    activerecord (3.2.12)
      activemodel (= 3.2.12)
      activesupport (= 3.2.12)
      arel (~> 3.0.2)
      tzinfo (~> 0.3.29)
    activeresource (3.2.12)
      activemodel (= 3.2.12)
      activesupport (= 3.2.12)
    activesupport (3.2.12)
      i18n (~> 0.6)
      multi_json (~> 1.0)
    acts_as_tree (1.4.0)
      activerecord (>= 3.0.0)
    annotate (2.5.0)
      rake
    arel (3.0.2)
    bootstrap-sass (2.3.2.2)
      sass (~> 3.2)
    builder (3.0.4)
    carrierwave (0.9.0)
      activemodel (>= 3.2.0)
      activesupport (>= 3.2.0)
      json (>= 1.7)
    coffee-rails (3.2.2)
      coffee-script (>= 2.2.0)
      railties (~> 3.2.0)
    coffee-script (2.2.0)
      coffee-script-source
      execjs
    coffee-script-source (1.6.3)
    diff-lcs (1.2.4)
    erubis (2.7.0)
    execjs (2.0.2)
    factory_girl (4.2.0)
      activesupport (>= 3.0.0)
    factory_girl_rails (4.2.1)
      factory_girl (~> 4.2.0)
      railties (>= 3.0.0)
    faker (1.2.0)
      i18n (~> 0.5)
    font-awesome-rails (3.2.1.3)
      railties (>= 3.2, < 5.0)
    gelf (1.4.0)
      json
    haml (4.0.3)
      tilt
    hike (1.2.3)
    i18n (0.6.5)
    journey (1.0.4)
    jquery-rails (3.0.4)
      railties (>= 3.0, < 5.0)
      thor (>= 0.14, < 2.0)
    json (1.7.6)
    libv8 (3.16.14.3)
    mail (2.4.4)
      i18n (>= 0.4.0)
      mime-types (~> 1.16)
      treetop (~> 1.4.8)
    metaclass (0.0.1)
    mime-types (1.25)
    mocha (0.14.0)
      metaclass (~> 0.0.1)
    multi_json (1.8.2)
    mysql2 (0.3.13)
    net-ldap (0.3.1)
    polyglot (0.3.3)
    rack (1.4.5)
    rack-cache (1.2)
      rack (>= 0.4)
    rack-ssl (1.3.3)
      rack
    rack-test (0.6.2)
      rack (>= 1.0)
    rails (3.2.12)
      actionmailer (= 3.2.12)
      actionpack (= 3.2.12)
      activerecord (= 3.2.12)
      activeresource (= 3.2.12)
      activesupport (= 3.2.12)
      bundler (~> 1.0)
      railties (= 3.2.12)
    railties (3.2.12)
      actionpack (= 3.2.12)
      activesupport (= 3.2.12)
      rack-ssl (~> 1.3.2)
      rake (>= 0.8.7)
      rdoc (~> 3.4)
      thor (>= 0.14.6, < 2.0)
    rake (10.1.0)
    rdoc (3.12.2)
      json (~> 1.4)
    ref (1.0.5)
    rspec-core (2.14.6)
    rspec-expectations (2.14.3)
      diff-lcs (>= 1.1.3, < 2.0)
    rspec-mocks (2.14.4)
    rspec-rails (2.14.0)
      actionpack (>= 3.0)
      activesupport (>= 3.0)
      railties (>= 3.0)
      rspec-core (~> 2.14.0)
      rspec-expectations (~> 2.14.0)
      rspec-mocks (~> 2.14.0)
    rubycas-client (2.3.10.rc1)
      activesupport
    sass (3.2.12)
    sass-rails (3.2.6)
      railties (~> 3.2.0)
      sass (>= 3.1.10)
      tilt (~> 1.3)
    seed-fu (2.2.0)
      activerecord (~> 3.1)
      activesupport (~> 3.1)
    simple_form (2.1.0)
      actionpack (~> 3.0)
      activemodel (~> 3.0)
    simplecov (0.7.1)
      multi_json (~> 1.0)
      simplecov-html (~> 0.7.1)
    simplecov-html (0.7.1)
    simplecov-rcov (0.2.3)
      simplecov (>= 0.4.1)
    sprockets (2.2.2)
      hike (~> 1.2)
      multi_json (~> 1.0)
      rack (~> 1.0)
      tilt (~> 1.1, != 1.3.0)
    sqlite3 (1.3.8)
    therubyracer (0.12.0)
      libv8 (~> 3.16.14.0)
      ref
    thor (0.18.1)
    tilt (1.4.1)
    treetop (1.4.15)
      polyglot
      polyglot (>= 0.3.1)
    tzinfo (0.3.38)
    uglifier (2.2.1)
      execjs (>= 0.3.0)
      multi_json (~> 1.0, >= 1.0.2)
    will_paginate (3.0.4)

PLATFORMS
  ruby

DEPENDENCIES
  acts_as_tree
  annotate (>= 2.5.0)
  bootstrap-sass
  carrierwave
  coffee-rails (~> 3.2.1)
  cws_logger!
  factory_girl_rails (~> 4.2.1)
  faker
  font-awesome-rails (= 3.2.1.3)
  haml
  jquery-rails
  json (= 1.7.6)
  mocha
  mysql2
  net-ldap
  rails (= 3.2.12)
  rspec-rails
  rubycas-client
  rubycas-client-rails!
  sass-rails (~> 3.2.3)
  seed-fu (~> 2.2.0)
  simple_form
  simplecov
  simplecov-rcov
  sqlite3
  therubyracer
  uglifier (>= 1.0.3)
  will_paginate (= 3.0.4)
